GEM
  remote: https://rubygems.org/
  specs:
    jruby-jars (1.7.19)
    jruby-rack (1.1.18)
    json (1.8.2)
    json (1.8.2-java)
    mini_portile (0.6.2)
    nokogiri (1.6.6.2)
      mini_portile (~> 0.6.0)
    nokogiri (1.6.6.2-java)
    rack (1.6.0)
    rack-protection (1.5.3)
      rack
    rack-test (0.6.3)
      rack (>= 1.0)
    rake (10.4.2)
    rubyzip (1.1.7)
    sinatra (1.4.6)
      rack (~> 1.4)
      rack-protection (~> 1.4)
      tilt (>= 1.3, < 3)
    tilt (2.0.1)
    warbler (1.4.7)
      jruby-jars (>= 1.5.6, < 2.0)
      jruby-rack (>= 1.1.1, < 1.3)
      rake (>= 0.9.6)
      rubyzip (>= 0.9, < 1.2)

PLATFORMS
  java
  ruby

DEPENDENCIES
  json
  nokogiri
  rack-test
  sinatra
  warbler
